GEM
  remote: https://rubygems.org/
  specs:
    ansi (1.5.0)
    ast (2.0.0)
    astrolabe (1.3.0)
      parser (>= 2.2.0.pre.3, < 3.0)
    builder (3.2.2)
    coveralls (0.8.0)
      multi_json (~> 1.10)
      rest-client (>= 1.6.8, < 2)
      simplecov (~> 0.9.1)
      term-ansicolor (~> 1.3)
      thor (~> 0.19.1)
    diff-lcs (1.2.5)
    docile (1.1.5)
    domain_name (0.5.23)
      unf (>= 0.0.5, < 1.0.0)
    hpricot (0.8.6)
    http-cookie (1.0.2)
      domain_name (~> 0.5)
    metaclass (0.0.4)
    mime-types (2.4.3)
    minitest (5.4.1)
    minitest-colorize (0.0.5)
      minitest (>= 2.0)
    minitest-reporters (1.0.11)
      ansi
      builder
      minitest (>= 5.0)
      ruby-progressbar
    mocha (1.1.0)
      metaclass (~> 0.0.1)
    multi_json (1.11.0)
    mustache (1.0.1)
    netrc (0.10.3)
    parser (2.2.0.3)
      ast (>= 1.1, < 3.0)
    powerpack (0.1.0)
    rainbow (2.0.0)
    rake (10.4.2)
    rdiscount (2.1.8)
    rest-client (1.8.0)
      http-cookie (>= 1.0.2, < 2.0)
      mime-types (>= 1.16, < 3.0)
      netrc (~> 0.7)
    ronn (0.7.3)
      hpricot (>= 0.8.2)
      mustache (>= 0.7.0)
      rdiscount (>= 1.5.8)
    rspec (3.0.0)
      rspec-core (~> 3.0.0)
      rspec-expectations (~> 3.0.0)
      rspec-mocks (~> 3.0.0)
    rspec-core (3.0.4)
      rspec-support (~> 3.0.0)
    rspec-expectations (3.0.4)
      diff-lcs (>= 1.2.0, < 2.0)
      rspec-support (~> 3.0.0)
    rspec-mocks (3.0.4)
      rspec-support (~> 3.0.0)
    rspec-support (3.0.4)
    rubocop (0.30.0)
      astrolabe (~> 1.3)
      parser (>= 2.2.0.1, < 3.0)
      powerpack (~> 0.1)
      rainbow (>= 1.99.1, < 3.0)
      ruby-progressbar (~> 1.4)
    ruby-progressbar (1.7.5)
    simplecov (0.9.2)
      docile (~> 1.1.0)
      multi_json (~> 1.0)
      simplecov-html (~> 0.9.0)
    simplecov-html (0.9.0)
    term-ansicolor (1.3.0)
      tins (~> 1.0)
    thor (0.19.1)
    tins (1.3.5)
    unf (0.1.4)
      unf_ext
    unf_ext (0.0.6)

PLATFORMS
  ruby

DEPENDENCIES
  coveralls
  minitest (= 5.4.1)
  minitest-colorize
  minitest-reporters
  mocha (= 1.1.0)
  rake
  ronn (= 0.7.3)
  rspec (~> 3.0.0)
  rubocop
